PATH
  remote: .
  specs:
    anystyle-parser (0.0.1)
      kyotocabinet-ruby (~> 1.27)
      wapiti (~> 0.0)

GEM
  remote: http://rubygems.org/
  specs:
    ZenTest (4.6.2)
    archive-tar-minitar (0.5.2)
    autotest-fsevent (0.2.5)
      sys-uname
    builder (3.0.0)
    columnize (0.3.4)
    cucumber (1.0.2)
      builder (>= 2.1.2)
      diff-lcs (>= 1.1.2)
      gherkin (~> 2.4.5)
      json (>= 1.4.6)
      term-ansicolor (>= 1.0.5)
    diff-lcs (1.1.3)
    gherkin (2.4.16)
      json (>= 1.4.6)
    gnuplot (2.3.6)
    json (1.5.4)
    kyotocabinet-ruby (1.27.1)
    linecache (0.46)
      rbx-require-relative (> 0.0.4)
    linecache19 (0.5.12)
      ruby_core_source (>= 0.1.4)
    racc (1.4.6)
    rake (0.9.2)
    rbx-linecache (1.3)
      rbx-require-relative
    rbx-require-relative (0.0.5)
    rbx-trepanning (0.0.8)
      columnize
      diff-lcs
      rbx-linecache (~> 1.2)
      rbx-require-relative
    rspec (2.6.0)
      rspec-core (~> 2.6.0)
      rspec-expectations (~> 2.6.0)
      rspec-mocks (~> 2.6.0)
    rspec-core (2.6.4)
    rspec-expectations (2.6.0)
      diff-lcs (~> 1.1.2)
    rspec-mocks (2.6.0)
    ruby-debug (0.10.4)
      columnize (>= 0.1)
      ruby-debug-base (~> 0.10.4.0)
    ruby-debug-base (0.10.4)
      linecache (>= 0.3)
    ruby-debug-base19 (0.11.25)
      columnize (>= 0.3.1)
      linecache19 (>= 0.5.11)
      ruby_core_source (>= 0.1.4)
    ruby-debug19 (0.11.6)
      columnize (>= 0.3.1)
      linecache19 (>= 0.5.11)
      ruby-debug-base19 (>= 0.11.19)
    ruby-prof (0.10.8)
    ruby_core_source (0.1.5)
      archive-tar-minitar (>= 0.5.2)
    sys-uname (0.8.6)
    term-ansicolor (1.0.6)
    wapiti (0.0.3)

PLATFORMS
  ruby

DEPENDENCIES
  ZenTest (~> 4.6)
  anystyle-parser!
  autotest-fsevent
  cucumber (~> 1.0)
  gnuplot
  racc (~> 1.4)
  rake (~> 0.9)
  rbx-trepanning
  rspec (~> 2.6)
  ruby-debug
  ruby-debug19
  ruby-prof
